RESTRICTION: == netstandard2.1
NUGET
  remote: https://api.nuget.org/v3/index.json
    FSharp.Core (4.7.2)

GROUP Game
RESTRICTION: == netcoreapp3.1
NUGET
  remote: https://api.nuget.org/v3/index.json
    FSharp.Core (4.7.2)
    MonoGame.Content.Builder.Task (3.8.0.1641)
    MonoGame.Extended (3.7)
      Newtonsoft.Json (>= 11.0.2)
    MonoGame.Framework.DesktopGL (3.8.0.1641)
    Newtonsoft.Json (12.0.3)

GROUP Tests
RESTRICTION: == netcoreapp3.1
NUGET
  remote: https://api.nuget.org/v3/index.json
    Expecto (9.0.2)
      FSharp.Core (>= 4.6)
      Mono.Cecil (>= 0.11.2)
    FSharp.Core (4.7.2)
    Microsoft.CodeCoverage (16.7)
    Microsoft.NET.Test.Sdk (16.7)
      Microsoft.CodeCoverage (>= 16.7)
      Microsoft.TestPlatform.TestHost (>= 16.7)
    Microsoft.TestPlatform.ObjectModel (16.7)
      NuGet.Frameworks (>= 5.0)
    Microsoft.TestPlatform.TestHost (16.7)
      Microsoft.TestPlatform.ObjectModel (>= 16.7)
      Newtonsoft.Json (>= 9.0.1)
    Mono.Cecil (0.11.2)
    Newtonsoft.Json (12.0.3)
    NuGet.Frameworks (5.7)
    System.Collections.Immutable (1.7.1)
    YoloDev.Expecto.TestSdk (0.9.2)
      Expecto (>= 9.0 < 10.0)
      FSharp.Core (>= 4.6)
      System.Collections.Immutable (>= 1.5 < 2.0)
